GEM
  remote: https://rubygems.org/
  specs:
    RedCloth (4.2.9)
    coderay (1.1.0)
    diff-lcs (1.2.5)
    haml (4.0.5)
      tilt
    hoe (3.12.0)
      rake (>= 0.8, < 11.0)
    mini_portile (0.6.0)
    nokogiri (1.6.3.1)
      mini_portile (= 0.6.0)
    rake (10.3.2)
    rspec (3.0.0)
      rspec-core (~> 3.0.0)
      rspec-expectations (~> 3.0.0)
      rspec-mocks (~> 3.0.0)
    rspec-core (3.0.3)
      rspec-support (~> 3.0.0)
    rspec-expectations (3.0.3)
      diff-lcs (>= 1.2.0, < 2.0)
      rspec-support (~> 3.0.0)
    rspec-mocks (3.0.3)
      rspec-support (~> 3.0.0)
    rspec-support (3.0.3)
    tilt (2.0.1)

PLATFORMS
  ruby

DEPENDENCIES
  RedCloth
  coderay
  haml
  hoe
  nokogiri
  rake
  rspec
  rspec-mocks
